NUGET
  remote: https://www.nuget.org/api/v2
  specs:
    FAKE (4.20.0)
    FSharp.Core (4.0.0.1)
    Microsoft.AspNet.Cors (5.2.3)
    Microsoft.AspNet.WebApi.Client (5.2.3)
      Microsoft.Net.Http (>= 2.2.22) - framework: portable-wp80+win+net45+wp81+wpa81
      Newtonsoft.Json (>= 6.0.4) - framework: >= net45, portable-wp80+win+net45+wp81+wpa81
    Microsoft.AspNet.WebApi.Core (5.2.3)
      Microsoft.AspNet.WebApi.Client (>= 5.2.3)
    Microsoft.AspNet.WebApi.Owin (5.2.3)
      Microsoft.AspNet.WebApi.Core (>= 5.2.3 < 5.3.0)
      Microsoft.Owin (>= 2.0.2)
      Owin (>= 1.0)
    Microsoft.AspNet.WebApi.OwinSelfHost (5.2.3)
      Microsoft.AspNet.WebApi.Owin (>= 5.2.3 < 5.3.0)
      Microsoft.Owin.Host.HttpListener (>= 2.0.2)
      Microsoft.Owin.Hosting (>= 2.0.2)
    Microsoft.Bcl (1.1.10) - framework: portable-wp80+win+net45+wp81+wpa81
      Microsoft.Bcl.Build (>= 1.0.14)
    Microsoft.Bcl.Build (1.0.21) - import_targets: false, framework: portable-wp80+win+net45+wp81+wpa81
    Microsoft.Net.Http (2.2.29) - framework: portable-wp80+win+net45+wp81+wpa81
      Microsoft.Bcl (>= 1.1.10)
      Microsoft.Bcl.Build (>= 1.0.14)
    Microsoft.Owin (3.0.1)
      Owin (>= 1.0)
    Microsoft.Owin.Cors (3.0.1)
      Microsoft.AspNet.Cors (>= 5.0.0)
      Microsoft.Owin (>= 3.0.1)
      Owin (>= 1.0)
    Microsoft.Owin.Host.HttpListener (3.0.1)
    Microsoft.Owin.Hosting (3.0.1)
      Microsoft.Owin (>= 3.0.1)
      Owin (>= 1.0)
    Newtonsoft.Json (8.0.2)
    Owin (1.0)
    RestSharp (105.2.3)
    xunit (2.1.0) - framework: >= net45
      xunit.assert (2.1.0)
      xunit.core (2.1.0)
    xunit.abstractions (2.0.0) - framework: >= net45
    xunit.assert (2.1.0) - framework: >= net45
    xunit.core (2.1.0) - framework: >= net45
      xunit.extensibility.core (2.1.0) - framework: >= net45, dnx451, dnxcore50, monoandroid, monotouch, portable-net45+win80+wp80+wpa81, xamarinios, winv4.5, wpv8.0
      xunit.extensibility.execution (2.1.0) - framework: >= net45, dnx451, dnxcore50, monoandroid, monotouch, portable-net45+win80+wp80+wpa81, xamarinios, winv4.5, wpv8.0
    xunit.extensibility.core (2.1.0) - framework: >= net45
      xunit.abstractions (2.0.0)
    xunit.extensibility.execution (2.1.0) - framework: >= net45
      xunit.extensibility.core (2.1.0) - framework: >= net45, dnx451, dnxcore50, monoandroid, monotouch, xamarinios, winv4.5, wpv8.0
    xunit.runner.console (2.1.0) - framework: >= net45
